GEM
  remote: https://rubygems.org/
  specs:
    activesupport (3.2.12)
      i18n (~> 0.6)
      multi_json (~> 1.0)
    addressable (2.2.8)
    bcrypt-ruby (3.0.1)
    chronic (0.6.7)
    data_mapper (1.2.0)
      dm-aggregates (~> 1.2.0)
      dm-constraints (~> 1.2.0)
      dm-core (~> 1.2.0)
      dm-migrations (~> 1.2.0)
      dm-serializer (~> 1.2.0)
      dm-timestamps (~> 1.2.0)
      dm-transactions (~> 1.2.0)
      dm-types (~> 1.2.0)
      dm-validations (~> 1.2.0)
    data_objects (0.10.8)
      addressable (~> 2.1)
    dm-aggregates (1.2.0)
      dm-core (~> 1.2.0)
    dm-constraints (1.2.0)
      dm-core (~> 1.2.0)
    dm-core (1.2.0)
      addressable (~> 2.2.6)
    dm-do-adapter (1.2.0)
      data_objects (~> 0.10.6)
      dm-core (~> 1.2.0)
    dm-migrations (1.2.0)
      dm-core (~> 1.2.0)
    dm-mysql-adapter (1.2.0)
      dm-do-adapter (~> 1.2.0)
      do_mysql (~> 0.10.6)
    dm-serializer (1.2.2)
      dm-core (~> 1.2.0)
      fastercsv (~> 1.5)
      json (~> 1.6)
      json_pure (~> 1.6)
      multi_json (~> 1.0)
    dm-timestamps (1.2.0)
      dm-core (~> 1.2.0)
    dm-transactions (1.2.0)
      dm-core (~> 1.2.0)
    dm-types (1.2.2)
      bcrypt-ruby (~> 3.0)
      dm-core (~> 1.2.0)
      fastercsv (~> 1.5)
      json (~> 1.6)
      multi_json (~> 1.0)
      stringex (~> 1.4)
      uuidtools (~> 2.1)
    dm-validations (1.2.0)
      dm-core (~> 1.2.0)
    do_mysql (0.10.8)
      data_objects (= 0.10.8)
    fastercsv (1.5.5)
    i18n (0.6.2)
    json (1.7.7)
    json_pure (1.7.5)
    multi_json (1.6.1)
    nokogiri (1.5.6)
    rack (1.4.5)
    rack-protection (1.3.2)
      rack
    rake (10.0.3)
    sinatra (1.3.3)
      rack (~> 1.3, >= 1.3.6)
      rack-protection (~> 1.2)
      tilt (~> 1.3, >= 1.3.3)
    stringex (1.4.0)
    tilt (1.3.3)
    uuidtools (2.1.3)
    whenever (0.7.3)
      activesupport (>= 2.3.4)
      chronic (~> 0.6.3)

PLATFORMS
  ruby

DEPENDENCIES
  data_mapper
  dm-mysql-adapter
  nokogiri
  rake
  sinatra
  whenever
